GEM
  specs:
    colorize (0.7.5)
    rb-appscript (0.6.1)

PLATFORMS
  ruby

DEPENDENCIES
  colorize
  rb-appscript
